PATH
  remote: .
  specs:
    sequel_vault (0.1)
      fernet (~> 2.1, >= 2.1)
      sequel (~> 4.21, >= 4.21.0)

GEM
  remote: https://rubygems.org/
  specs:
    diff-lcs (1.2.5)
    docile (1.1.5)
    fernet (2.1)
      valcro (= 0.1)
    multi_json (1.11.0)
    rspec (3.2.0)
      rspec-core (~> 3.2.0)
      rspec-expectations (~> 3.2.0)
      rspec-mocks (~> 3.2.0)
    rspec-core (3.2.2)
      rspec-support (~> 3.2.0)
    rspec-expectations (3.2.0)
      diff-lcs (>= 1.2.0, < 2.0)
      rspec-support (~> 3.2.0)
    rspec-mocks (3.2.1)
      diff-lcs (>= 1.2.0, < 2.0)
      rspec-support (~> 3.2.0)
    rspec-support (3.2.2)
    sequel (4.21.0)
    simplecov (0.9.2)
      docile (~> 1.1.0)
      multi_json (~> 1.0)
      simplecov-html (~> 0.9.0)
    simplecov-html (0.9.0)
    sqlite3 (1.3.10)
    valcro (0.1)

PLATFORMS
  ruby

DEPENDENCIES
  rspec (~> 3.2, >= 3.2.0)
  sequel_vault!
  simplecov (~> 0.9.2)
  sqlite3 (~> 1.3, >= 1.3.10)
